PATH
  remote: .
  specs:
    monkeybusiness (0.2.0)
      aws-sdk (~> 2)
      hashie (~> 3.4)
      logging (~> 2)
      pg (~> 0.18)
      sequel (~> 4)
      sequel_pg (~> 1.6)
      surveymonkey (~> 0.4)
      timeliness (~> 0.3)

GEM
  remote: https://rubygems.org/
  specs:
    aws-sdk (2.1.2)
      aws-sdk-resources (= 2.1.2)
    aws-sdk-core (2.1.2)
      jmespath (~> 1.0)
    aws-sdk-resources (2.1.2)
      aws-sdk-core (= 2.1.2)
    coderay (1.1.0)
    deep_merge (1.0.1)
    diff-lcs (1.2.5)
    dotenv (2.0.2)
    hashie (3.4.2)
    httparty (0.13.5)
      json (~> 1.8)
      multi_xml (>= 0.5.2)
    jmespath (1.0.2)
      multi_json (~> 1.0)
    json (1.8.3)
    little-plugger (1.1.3)
    logging (2.0.0)
      little-plugger (~> 1.1)
      multi_json (~> 1.10)
    method_source (0.8.2)
    multi_json (1.11.2)
    multi_xml (0.5.5)
    pg (0.18.2)
    pry (0.10.1)
      coderay (~> 1.1.0)
      method_source (~> 0.8.1)
      slop (~> 3.4)
    rake (10.4.2)
    rspec (3.3.0)
      rspec-core (~> 3.3.0)
      rspec-expectations (~> 3.3.0)
      rspec-mocks (~> 3.3.0)
    rspec-core (3.3.1)
      rspec-support (~> 3.3.0)
    rspec-expectations (3.3.0)
      diff-lcs (>= 1.2.0, < 2.0)
      rspec-support (~> 3.3.0)
    rspec-mocks (3.3.1)
      diff-lcs (>= 1.2.0, < 2.0)
      rspec-support (~> 3.3.0)
    rspec-support (3.3.0)
    sequel (4.24.0)
    sequel_pg (1.6.13)
      pg (>= 0.8.0)
      sequel (>= 3.39.0)
    slop (3.6.0)
    surveymonkey (0.4.4)
      deep_merge (~> 1)
      httparty (~> 0.13)
      json (~> 1.8)
      logging (~> 2)
      timeliness (~> 0.3)
    timeliness (0.3.7)

PLATFORMS
  ruby

DEPENDENCIES
  bundler (~> 1.10)
  dotenv (~> 2)
  monkeybusiness!
  pry (~> 0.10)
  rake (~> 10.0)
  rspec

BUNDLED WITH
   1.10.5
