GEM
  remote: https://rubygems.org/
  specs:
    aws-sdk (2.1.2)
      aws-sdk-resources (= 2.1.2)
    aws-sdk-core (2.1.2)
      jmespath (~> 1.0)
    aws-sdk-resources (2.1.2)
      aws-sdk-core (= 2.1.2)
    deep_merge (1.0.1)
    hashie (3.4.2)
    httparty (0.13.5)
      json (~> 1.8)
      multi_xml (>= 0.5.2)
    jdbc-postgres (9.4.1200)
    jmespath (1.0.2)
      multi_json (~> 1.0)
    jruby-jars (1.7.20.1)
    json (1.8.3-java)
    little-plugger (1.1.3)
    logging (2.0.0)
      little-plugger (~> 1.1)
      multi_json (~> 1.10)
    multi_json (1.11.2)
    multi_xml (0.5.5)
    sequel (4.24.0)
    surveymonkey (0.4.4)
      deep_merge (~> 1)
      httparty (~> 0.13)
      json (~> 1.8)
      logging (~> 2)
      timeliness (~> 0.3)
    timeliness (0.3.7)

PLATFORMS
  java
  ruby

DEPENDENCIES
  aws-sdk (~> 2)
  hashie (~> 3.4)
  jdbc-postgres (~> 9.4)
  jruby-jars (~> 1.7)
  logging (~> 2)
  sequel (~> 4)
  surveymonkey (~> 0.4)
  timeliness (~> 0.3)

BUNDLED WITH
   1.10.5
